PATH
  remote: .
  specs:
    book_reading_tracker_gem (0.1.0)

GEM
  remote: https://rubygems.org/
  specs:
    activemodel (7.1.0)
      activesupport (= 7.1.0)
    activerecord (7.1.0)
      activemodel (= 7.1.0)
      activesupport (= 7.1.0)
      timeout (>= 0.4.0)
    activesupport (7.1.0)
      base64
      bigdecimal
      concurrent-ruby (~> 1.0, >= 1.0.2)
      connection_pool (>= 2.2.5)
      drb
      i18n (>= 1.6, < 2)
      minitest (>= 5.1)
      mutex_m
      tzinfo (~> 2.0)
    awesome_print (1.8.0)
    base64 (0.2.0)
    benchmark (0.4.0)
    bigdecimal (3.1.9)
    coderay (1.1.3)
    concurrent-ruby (1.3.5)
    connection_pool (2.5.0)
    date (3.4.1)
    dotenv (2.8.0)
    drb (2.2.1)
    fileutils (0.7.2)
    i18n (1.14.7)
      concurrent-ruby (~> 1.0)
    io-console (0.8.0)
    irb (1.15.0)
      pp (>= 0.6.0)
      rdoc (>= 4.0.0)
      reline (>= 0.4.2)
    logger (1.6.0)
    method_source (1.1.0)
    minitest (5.25.5)
    mutex_m (0.3.0)
    ostruct (0.1.0)
    pastel (0.8.0)
      tty-color (~> 0.5)
    pg (1.5.0)
    pp (0.6.2)
      prettyprint
    prettyprint (0.2.0)
    pry (0.14.1)
      coderay (~> 1.1)
      method_source (~> 1.0)
    psych (5.2.3)
      date
      stringio
    rake (13.0.0)
    rdoc (6.13.0)
      psych (>= 4.0.0)
    reline (0.6.0)
      io-console (~> 0.5)
    stringio (3.1.5)
    thor (1.3.0)
    timeout (0.4.3)
    tty-color (0.6.0)
    tty-cursor (0.7.1)
    tty-prompt (0.23.0)
      pastel (~> 0.8)
      tty-reader (~> 0.8)
    tty-reader (0.9.0)
      tty-cursor (~> 0.7)
      tty-screen (~> 0.8)
      wisper (~> 2.0)
    tty-screen (0.8.2)
    tzinfo (2.0.6)
      concurrent-ruby (~> 1.0)
    wisper (2.0.1)

PLATFORMS
  ruby
  x86_64-linux

DEPENDENCIES
  activerecord (= 7.1)
  awesome_print (= 1.8)
  benchmark (= 0.4.0)
  book_reading_tracker_gem!
  dotenv (= 2.8)
  fileutils (= 0.7.2)
  irb (= 1.15)
  logger (= 1.6)
  ostruct (= 0.1.0)
  pastel (= 0.8)
  pg (= 1.5)
  pry (= 0.14.1)
  rake (= 13.0)
  thor (= 1.3)
  tty-prompt (= 0.23)

BUNDLED WITH
   2.6.6
